GIT
  remote: git://github.com/3ofcoins/vendorificator.git
  revision: 280c466780ae26d6ca93a96381a228be45535608
  branch: develop
  specs:
    vendorificator (0.4.0)
      awesome_print
      escape
      minigit (>= 0.0.3)
      thor (>= 0.18.1)

GEM
  remote: https://rubygems.org/
  specs:
    awesome_print (1.1.0)
    binding_of_caller (0.7.2)
      debug_inspector (>= 0.0.1)
    coderay (1.0.9)
    columnize (0.3.6)
    debug_inspector (0.0.2)
    debugger (1.6.1)
      columnize (>= 0.3.1)
      debugger-linecache (~> 1.2.0)
      debugger-ruby_core_source (~> 1.2.3)
    debugger-linecache (1.2.0)
    debugger-ruby_core_source (1.2.3)
    escape (0.0.4)
    method_source (0.8.1)
    minigit (0.0.3)
    pry (0.9.12.2)
      coderay (~> 1.0.5)
      method_source (~> 0.8)
      slop (~> 3.4)
    pry-debugger (0.2.2)
      debugger (~> 1.3)
      pry (~> 0.9.10)
    pry-stack_explorer (0.4.9)
      binding_of_caller (>= 0.7)
      pry (~> 0.9.11)
    slop (3.4.5)
    thor (0.18.1)

PLATFORMS
  ruby

DEPENDENCIES
  pry
  pry-debugger
  pry-stack_explorer
  vendorificator!
